PATH
  remote: .
  specs:
    viadeo (0.1.0)
      hashie (>= 1.1.0)
      multi_json (>= 1.0.3)
      oauth (>= 0.4.5)

GEM
  remote: http://rubygems.org/
  specs:
    addressable (2.2.6)
    crack (0.3.1)
    diff-lcs (1.1.3)
    hashie (3.6.0)
    json (1.6.1)
    multi_json (1.0.3)
    oauth (0.5.4)
    rake (0.9.2)
    rdoc (6.2.0)
    rspec (2.7.0)
      rspec-core (~> 2.7.0)
      rspec-expectations (~> 2.7.0)
      rspec-mocks (~> 2.7.0)
    rspec-core (2.7.0)
    rspec-expectations (2.7.0)
      diff-lcs (~> 1.1.2)
    rspec-mocks (2.7.0)
    simplecov (0.5.4)
      multi_json (~> 1.0.3)
      simplecov-html (~> 0.5.3)
    simplecov-html (0.5.3)
    vcr (1.11.3)
    webmock (1.7.7)
      addressable (~> 2.2, > 2.2.5)
      crack (>= 0.1.7)

PLATFORMS
  ruby

DEPENDENCIES
  jruby-openssl (~> 0.7)
  json (>= 1.6)
  rake (>= 0.9)
  rdoc (>= 3.8)
  rspec (>= 2.6)
  simplecov (>= 0.5)
  vcr (>= 1.10)
  viadeo!
  webmock (>= 1.7)
